GIT
  remote: git://github.com/adhearsion/adhearsion-asterisk.git
  revision: e94d5a81c021ae13d111bd586ff87197ced99f7e
  specs:
    adhearsion-asterisk (1.2.1)
      activesupport (>= 3.0.10)
      adhearsion (~> 2.0)

GIT
  remote: git://github.com/adhearsion/adhearsion.git
  revision: 372237d840f5e867b20dcb852a59907e5bdff19b
  specs:
    adhearsion (2.0.1)
      activesupport (>= 3.0.10)
      adhearsion-loquacious (>= 1.9.0)
      bundler (~> 1.0)
      celluloid (>= 0.10.0)
      countdownlatch
      deep_merge
      ffi (>= 1.0.11)
      future-resource (~> 1.0)
      girl_friday
      has-guarded-handlers (~> 1.1)
      logging (>= 1.6.1)
      pry
      punchblock (~> 1.0)
      rake
      ruby_speech (~> 1.0)
      thor
      uuid

GEM
  remote: http://rubygems.org/
  specs:
    activemodel (3.2.6)
      activesupport (= 3.2.6)
      builder (~> 3.0.0)
    activerecord (3.2.6)
      activemodel (= 3.2.6)
      activesupport (= 3.2.6)
      arel (~> 3.0.2)
      tzinfo (~> 0.3.29)
    activesupport (3.2.6)
      i18n (~> 0.6)
      multi_json (~> 1.0)
    adhearsion-activerecord (0.1.0)
      activerecord
      adhearsion (>= 2.0.0.alpha1)
    adhearsion-loquacious (1.9.3)
    arel (3.0.2)
    blather (0.7.1)
      activesupport (>= 3.0.7)
      eventmachine (>= 0.12.6)
      girl_friday
      niceogiri (~> 1.0)
      nokogiri (~> 1.4)
    builder (3.0.0)
    capistrano (2.12.0)
      highline
      net-scp (>= 1.0.0)
      net-sftp (>= 2.0.0)
      net-ssh (>= 2.0.14)
      net-ssh-gateway (>= 1.1.0)
    capistrano-ext (1.2.1)
      capistrano (>= 1.0.0)
    celluloid (0.11.0)
    celluloid-io (0.11.0)
      celluloid (~> 0.11.0)
      nio4r (>= 0.4.0)
    coderay (1.0.7)
    connection_pool (0.1.0)
    countdownlatch (1.0.0)
    deep_merge (1.0.0)
    eventmachine (0.12.10)
    ffi (1.0.11)
    future-resource (1.0.0)
    girl_friday (0.9.7)
      connection_pool (~> 0.1.0)
    has-guarded-handlers (1.3.0)
      uuid
    highline (1.6.13)
    i18n (0.6.0)
    little-plugger (1.1.3)
    logging (1.7.2)
      little-plugger (>= 1.1.3)
    macaddr (1.6.1)
      systemu (~> 2.5.0)
    method_source (0.7.1)
    multi_json (1.3.6)
    net-scp (1.0.4)
      net-ssh (>= 1.99.1)
    net-sftp (2.0.5)
      net-ssh (>= 2.0.9)
    net-ssh (2.5.2)
    net-ssh-gateway (1.1.0)
      net-ssh (>= 1.99.1)
    niceogiri (1.0.2)
      nokogiri (~> 1.4)
    nio4r (0.4.0)
    nokogiri (1.5.5)
    pry (0.9.9.6)
      coderay (~> 1.0.5)
      method_source (~> 0.7.1)
      slop (>= 2.4.4, < 3)
    punchblock (1.2.0)
      activesupport (~> 3.0)
      blather (>= 0.7.0)
      celluloid (>= 0.10.0)
      future-resource (~> 1.0)
      has-guarded-handlers (~> 1.0)
      niceogiri (~> 1.0)
      ruby_ami (~> 1.0)
      ruby_speech (~> 1.0)
      state_machine (~> 1.0)
    rake (0.9.2.2)
    ruby_ami (1.1.2)
      celluloid-io (~> 0.11.0)
      countdownlatch (~> 1.0)
      future-resource
      girl_friday
      uuidtools
    ruby_speech (1.0.0)
      activesupport (>= 3.0.7)
      niceogiri (~> 1.0)
    rvm-capistrano (1.2.2)
      capistrano (>= 2.0.0)
    slop (2.4.4)
    state_machine (1.1.2)
    systemu (2.5.1)
    thor (0.15.4)
    tzinfo (0.3.33)
    uuid (2.3.5)
      macaddr (~> 1.0)
    uuidtools (2.1.2)

PLATFORMS
  ruby

DEPENDENCIES
  adhearsion!
  adhearsion-activerecord
  adhearsion-asterisk!
  capistrano
  capistrano-ext
  rvm-capistrano
